GEM
  remote: http://rubygems.org/
  specs:
    activemodel (4.2.0)
      activesupport (= 4.2.0)
      builder (~> 3.1)
    activerecord (4.2.0)
      activemodel (= 4.2.0)
      activesupport (= 4.2.0)
      arel (~> 6.0)
    activesupport (4.2.0)
      i18n (~> 0.7)
      json (~> 1.7, >= 1.7.7)
      minitest (~> 5.1)
      thread_safe (~> 0.3, >= 0.3.4)
      tzinfo (~> 1.1)
    arel (6.0.0)
    backports (3.6.4)
    bcrypt (3.1.10)
    bcrypt-ruby (3.1.5)
      bcrypt (>= 3.1.3)
    builder (3.2.2)
    diff-lcs (1.2.5)
    grit (2.5.0)
      diff-lcs (~> 1.1)
      mime-types (~> 1.15)
      posix-spawn (~> 0.3.6)
    haml (4.0.6)
      tilt
    http_router (0.7.10)
      rack (>= 1.0.0)
      url_mount (~> 0.2.1)
    i18n (0.7.0)
    json (1.8.2)
    mail (2.6.3)
      mime-types (>= 1.16, < 3)
    mime-types (1.25.1)
    minitest (5.5.1)
    padrino (0.9.29)
      padrino-admin (= 0.9.29)
      padrino-cache (= 0.9.29)
      padrino-core (= 0.9.29)
      padrino-gen (= 0.9.29)
      padrino-helpers (= 0.9.29)
      padrino-mailer (= 0.9.29)
    padrino-admin (0.9.29)
      padrino-core (= 0.9.29)
      padrino-helpers (= 0.9.29)
    padrino-cache (0.9.29)
      padrino-core (= 0.9.29)
    padrino-core (0.9.29)
      activesupport (>= 3.0.0)
      http_router (~> 0.7.8)
      sinatra (~> 1.2.6)
      thor (>= 0.14.3)
      tilt (~> 1.3.0)
    padrino-gen (0.9.29)
      bundler (>= 1.0.2)
      grit
      padrino-core (= 0.9.29)
    padrino-helpers (0.9.29)
      i18n (>= 0.4.1)
      padrino-core (= 0.9.29)
    padrino-mailer (0.9.29)
      mail (>= 2.2.0)
      padrino-core (= 0.9.29)
    posix-spawn (0.3.10)
    rack (1.4.5)
    rack-flash (0.1.2)
      rack
    rack-test (0.6.3)
      rack (>= 1.0)
    rake (10.4.2)
    sass (3.4.13)
    shoulda (3.5.0)
      shoulda-context (~> 1.0, >= 1.0.1)
      shoulda-matchers (>= 1.4.1, < 3.0)
    shoulda-context (1.2.1)
    shoulda-matchers (2.8.0)
      activesupport (>= 3.0.0)
    sinatra (1.2.9)
      backports
      rack (~> 1.1, < 1.5)
      tilt (>= 1.2.2, < 2.0)
    sqlite3 (1.3.10)
    thor (0.19.1)
    thread_safe (0.3.5)
    tilt (1.3.7)
    tzinfo (1.2.2)
      thread_safe (~> 0.1)
    url_mount (0.2.1)
      rack

PLATFORMS
  ruby

DEPENDENCIES
  activerecord
  bcrypt-ruby
  haml
  padrino (= 0.9.29)
  rack-flash
  rack-test
  rake
  sass
  shoulda
  sqlite3
